GEM
  remote: https://rubygems.org/
  specs:
    Ascii85 (1.0.2)
    afm (0.2.2)
    coderay (1.1.0)
    columnize (0.8.9)
    configatron (4.2.1)
    curb (0.8.6)
    debugger (1.6.8)
      columnize (>= 0.3.1)
      debugger-linecache (~> 1.2.0)
      debugger-ruby_core_source (~> 1.3.5)
    debugger-linecache (1.2.0)
    debugger-ruby_core_source (1.3.6)
    hashery (2.1.1)
    method_source (0.8.2)
    mime-types (2.4.3)
    netrc (0.8.0)
    pdf-reader (1.3.3)
      Ascii85 (~> 1.0.0)
      afm (~> 0.2.0)
      hashery (~> 2.0)
      ruby-rc4
      ttfunk
    pry (0.10.1)
      coderay (~> 1.1.0)
      method_source (~> 0.8.1)
      slop (~> 3.4)
    pry-debugger (0.2.3)
      debugger (~> 1.3)
      pry (>= 0.9.10, < 0.11.0)
    rest-client (1.7.2)
      mime-types (>= 1.16, < 3.0)
      netrc (~> 0.7)
    ruby-rc4 (0.1.5)
    slop (3.6.0)
    ttfunk (1.4.0)

PLATFORMS
  ruby

DEPENDENCIES
  configatron
  curb
  pdf-reader
  pry
  pry-debugger
  rest-client
